GEM
  remote: https://rubygems.org/
  specs:
    ProMotion (2.0.1)
      methadone (~> 1.4)
    methadone (1.8.0)
      bundler
    rake (10.3.1)

PLATFORMS
  ruby

DEPENDENCIES
  ProMotion (~> 2.0)
  rake
